GEM
  remote: http://rubygems.org/
  specs:
    aws-sdk (2.2.7)
      aws-sdk-resources (= 2.2.7)
    aws-sdk-core (2.2.7)
      jmespath (~> 1.0)
    aws-sdk-resources (2.2.7)
      aws-sdk-core (= 2.2.7)
    jmespath (1.1.3)
    mrdialog (1.0.1)

PLATFORMS
  ruby

DEPENDENCIES
  aws-sdk
  mrdialog
